GIT
  remote: git://github.com/intridea/omniauth-openid.git
  revision: df07ddf98ac4681aab7120cbb1530ff5ac4a2ac8
  specs:
    omniauth-openid (1.0.1)
      omniauth (~> 1.0)
      rack-openid (~> 1.3.1)

GEM
  remote: http://rubygems.org/
  specs:
    activemodel (3.1.3)
      activesupport (= 3.1.3)
      builder (~> 3.0.0)
      i18n (~> 0.6)
    activesupport (3.1.3)
      multi_json (~> 1.0)
    bson (1.5.2)
    bson_ext (1.5.2)
      bson (= 1.5.2)
    builder (3.0.0)
    daemons (1.1.5)
    eventmachine (0.12.10)
    hashie (1.2.0)
    i18n (0.6.0)
    json (1.6.4)
    mongo (1.5.2)
      bson (= 1.5.2)
    mongoid (2.2.0)
      activemodel (~> 3.0)
      mongo (~> 1.3)
      tzinfo (~> 0.3.22)
    multi_json (1.0.4)
    omniauth (1.0.1)
      hashie (~> 1.2)
      rack
    rack (1.3.5)
    rack-openid (1.3.1)
      rack (>= 1.1.0)
      ruby-openid (>= 2.1.8)
    rack-protection (1.2.0)
      rack
    ruby-openid (2.1.8)
    shotgun (0.9)
      rack (>= 1.0)
    sinatra (1.3.1)
      rack (~> 1.3, >= 1.3.4)
      rack-protection (~> 1.1, >= 1.1.2)
      tilt (~> 1.3, >= 1.3.3)
    thin (1.3.1)
      daemons (>= 1.0.9)
      eventmachine (>= 0.12.6)
      rack (>= 1.0.0)
    tilt (1.3.3)
    tzinfo (0.3.31)

PLATFORMS
  ruby

DEPENDENCIES
  bson_ext
  bundler (= 1.0.21)
  json
  mongoid (= 2.2.0)
  omniauth-openid!
  rack (= 1.3.5)
  shotgun
  sinatra (= 1.3.1)
  thin
